GEM
  remote: http://rubygems.org/
  specs:
    RedCloth (4.2.9)
    coderay (1.0.5)
    daemons (1.0.10)
    erubis (2.7.0)
    gem_plugin (0.2.3)
    itextomml (1.4.9)
    json (1.7.3)
    method_source (0.7.1)
    mongrel (1.2.0.pre2)
      daemons (~> 1.0.10)
      gem_plugin (~> 0.2.3)
    nokogiri (1.5.2)
    pry (0.9.9.6)
      coderay (~> 1.0.5)
      method_source (~> 0.7.1)
      slop (>= 2.4.4, < 3)
    rack (1.4.1)
    rake (0.9.2.2)
    rdoc (3.12)
      json (~> 1.4)
    rubyzip (0.9.8)
    slop (2.4.4)
    sqlite3 (1.3.6)
    sqlite3-ruby (1.3.3)
      sqlite3 (>= 1.3.3)
    will_paginate (2.3.16)

PLATFORMS
  ruby

DEPENDENCIES
  RedCloth (>= 4.0.0)
  erubis
  itextomml (>= 1.4.7)
  json
  mongrel (>= 1.2.0.pre2)
  nokogiri
  pry
  rack (>= 1.1.0)
  rake
  rdoc
  rubyzip
  sqlite3-ruby
  will_paginate (~> 2.3.16)
